GIT
  remote: https://github.com/dsa-ntc/jekyll-theme.git
  revision: c3644744a5fcf72bdf81b707bdb92321d749e99e
  branch: master
  specs:
    jekyll-theme-opensuse (0.7.1)
      jekyll
      jekyll-archives
      jekyll-paginate

GEM
  remote: https://rubygems.org/
  specs:
    activemodel (6.1.7.5)
      activesupport (= 6.1.7.5)
    activerecord (6.1.7.5)
      activemodel (= 6.1.7.5)
      activesupport (= 6.1.7.5)
    activerecord-utils (0.4.1)
      activerecord
      logutils
    activesupport (6.1.7.5)
      concurrent-ruby (~> 1.0, >= 1.0.2)
      i18n (>= 1.6, < 2)
      minitest (>= 5.1)
      tzinfo (~> 2.0)
      zeitwerk (~> 2.3)
    activityutils (0.1.2)
      logutils (>= 0.6.1)
    addressable (2.8.7)
      public_suffix (>= 2.0.2, < 7.0)
    ast (2.4.3)
    base64 (0.2.0)
    benchmark (0.4.0)
    bigdecimal (3.1.9)
    code-scanning-rubocop (0.6.1)
      rubocop (~> 1.0)
    colorator (1.1.0)
    concurrent-ruby (1.3.5)
    crass (1.0.6)
    csv (3.3.4)
    date-formatter (0.1.1)
    em-websocket (0.5.3)
      eventmachine (>= 0.12.9)
      http_parser.rb (~> 0)
    eventmachine (1.2.7)
    faraday (2.13.1)
      faraday-net_http (>= 2.0, < 3.5)
      json
      logger
    faraday-follow_redirects (0.3.0)
      faraday (>= 1, < 3)
    faraday-net_http (3.4.0)
      net-http (>= 0.5.0)
    feedfilter (1.1.1)
      textutils (>= 1.0.1)
    feedparser (2.2.1)
      logutils (>= 0.6.1)
      textutils (>= 1.0.0)
    fetcher (0.4.5)
      logutils (>= 0.6)
    ffi (1.17.2)
    ffi (1.17.2-x86_64-linux-gnu)
    forwardable-extended (2.6.0)
    gli (2.21.0)
    google-protobuf (4.31.0)
      bigdecimal
      rake (>= 13)
    google-protobuf (4.31.0-x86_64-linux-gnu)
      bigdecimal
      rake (>= 13)
    http_parser.rb (0.8.0)
    i18n (1.14.7)
      concurrent-ruby (~> 1.0)
    inifile (3.0.0)
    iniparser (1.0.1)
    jekyll (4.4.1)
      addressable (~> 2.4)
      base64 (~> 0.2)
      colorator (~> 1.0)
      csv (~> 3.0)
      em-websocket (~> 0.5)
      i18n (~> 1.0)
      jekyll-sass-converter (>= 2.0, < 4.0)
      jekyll-watch (~> 2.0)
      json (~> 2.6)
      kramdown (~> 2.3, >= 2.3.1)
      kramdown-parser-gfm (~> 1.0)
      liquid (~> 4.0)
      mercenary (~> 0.3, >= 0.3.6)
      pathutil (~> 0.9)
      rouge (>= 3.0, < 5.0)
      safe_yaml (~> 1.0)
      terminal-table (>= 1.8, < 4.0)
      webrick (~> 1.7)
    jekyll-archives (2.2.1)
      jekyll (>= 3.6, < 5.0)
    jekyll-paginate (1.1.0)
    jekyll-paginate-v2 (3.0.0)
      jekyll (>= 3.0, < 5.0)
    jekyll-sass-converter (3.1.0)
      sass-embedded (~> 1.75)
    jekyll-watch (2.2.1)
      listen (~> 3.0)
    json (2.13.1)
    kramdown (2.5.1)
      rexml (>= 3.3.9)
    kramdown-parser-gfm (1.1.0)
      kramdown (~> 2.0)
    language_server-protocol (3.17.0.5)
    lint_roller (1.1.0)
    liquid (4.0.4)
    listen (3.9.0)
      rb-fsevent (~> 0.10, >= 0.10.3)
      rb-inotify (~> 0.9, >= 0.9.10)
    logger (1.7.0)
    logutils (0.6.1)
    logutils-activerecord (0.2.1)
      activerecord
      logutils (>= 0.6.1)
    loofah (2.24.1)
      crass (~> 1.0.2)
      nokogiri (>= 1.12.0)
    mercenary (0.4.0)
    mini_magick (5.2.0)
      benchmark
      logger
    mini_portile2 (2.8.9)
    minitest (5.25.5)
    net-http (0.6.0)
      uri
    nokogiri (1.18.8)
      mini_portile2 (~> 2.8.2)
      racc (~> 1.4)
    nokogiri (1.18.8-x86_64-linux-gnu)
      racc (~> 1.4)
    opmlparser (1.0.1)
    pakman (1.1.0)
      fetcher (>= 0.4.5)
      liquid (>= 4.0.0)
      logutils (>= 0.6.1)
    parallel (1.27.0)
    parser (3.3.9.0)
      ast (~> 2.4.1)
      racc
    pathutil (0.16.2)
      forwardable-extended (~> 2.6)
    pluto (1.3.4)
      gli (>= 2.12.2)
      pluto-merge (>= 1.1.0)
      pluto-models (>= 1.5.4)
      pluto-tasks (>= 1.5.3)
      pluto-update (>= 1.6.3)
      sqlite3
    pluto-feedfetcher (0.1.6)
      fetcher (>= 0.4.5)
      pluto-models (>= 1.5.4)
    pluto-merge (1.1.0)
      fetcher (>= 0.4.4)
      pakman (>= 0.5.0)
      pluto-models (>= 1.2.2)
    pluto-models (1.6.3)
      activerecord
      activerecord-utils (>= 0.4.0)
      activityutils (>= 0.1.1)
      date-formatter (>= 0.1.1)
      feedfilter (>= 1.1.1)
      feedparser (>= 2.1.2)
      logutils (>= 0.6.1)
      logutils-activerecord (>= 0.2.1)
      props (>= 1.2.0)
      props-activerecord (>= 0.2.0)
      textutils (>= 1.4.0)
    pluto-tasks (1.5.3)
      pluto-models (>= 1.4.0)
      pluto-update (>= 1.6.0)
    pluto-update (1.6.4)
      opmlparser (>= 1.0.0)
      pluto-feedfetcher (>= 0.1.4)
      pluto-models (>= 1.6.2)
    prism (1.4.0)
    props (1.2.0)
      iniparser (>= 0.1.0)
    props-activerecord (0.2.0)
      activerecord
      props (>= 1.2.0)
    public_suffix (6.0.2)
    racc (1.8.1)
    rainbow (3.1.1)
    rake (13.3.0)
    rb-fsevent (0.11.2)
    rb-inotify (0.11.1)
      ffi (~> 1.0)
    regexp_parser (2.10.0)
    rexml (3.4.1)
    rouge (4.5.2)
    rss (0.3.1)
      rexml
    rubocop (1.79.0)
      json (~> 2.3)
      language_server-protocol (~> 3.17.0.2)
      lint_roller (~> 1.1.0)
      parallel (~> 1.10)
      parser (>= 3.3.0.2)
      rainbow (>= 2.2.2, < 4.0)
      regexp_parser (>= 2.9.3, < 3.0)
      rubocop-ast (>= 1.46.0, < 2.0)
      ruby-progressbar (~> 1.7)
      tsort (>= 0.2.0)
      unicode-display_width (>= 2.4.0, < 4.0)
    rubocop-ast (1.46.0)
      parser (>= 3.3.7.2)
      prism (~> 1.4)
    rubocop-rake (0.7.1)
      lint_roller (~> 1.1)
      rubocop (>= 1.72.1)
    ruby-progressbar (1.13.0)
    rubyzip (2.4.1)
    safe_yaml (1.0.5)
    sass-embedded (1.89.0)
      google-protobuf (~> 4.31)
      rake (>= 13)
    sass-embedded (1.89.0-x86_64-linux-gnu)
      google-protobuf (~> 4.31)
    sqlite3 (1.6.3)
      mini_portile2 (~> 2.8.0)
    sqlite3 (1.6.3-x86_64-linux)
    terminal-table (3.0.2)
      unicode-display_width (>= 1.1.1, < 3)
    textutils (1.4.0)
      activesupport
      logutils (>= 0.6.1)
      props (>= 1.1.2)
      rubyzip (>= 1.0.0)
    tsort (0.2.0)
    tzinfo (2.0.6)
      concurrent-ruby (~> 1.0)
    unicode-display_width (2.6.0)
    uri (1.0.3)
    webrick (1.9.1)
    zeitwerk (2.7.3)

PLATFORMS
  ruby
  x86_64-linux

DEPENDENCIES
  activerecord
  code-scanning-rubocop
  faraday
  faraday-follow_redirects
  inifile
  jekyll
  jekyll-paginate-v2
  jekyll-theme-opensuse!
  loofah
  mini_magick
  nokogiri
  pluto
  pluto-models
  rake
  rss
  rubocop
  rubocop-rake
  webrick

RUBY VERSION
   ruby 3.0.2p107

BUNDLED WITH
   2.4.6
